GIT
  remote: git://github.com/greendog/simple-captcha.git
  revision: 70717fae72551f28f8a8f8245bd8262ec16849d5
  specs:
    simple_captcha (0.1.1)

GIT
  remote: git://github.com/sbeam/spree_contact_us.git
  revision: bf4b63c316f05bdbc3f153a8a867a58b750f643a
  specs:
    spree_contact_us (1.0.0)
      recaptcha
      spree_core (>= 1.0.0)

GIT
  remote: git://raw.github.com/spree/spree_editor.git
  revision: 9846455f5b48615a328d334e37f619ba7a571ba4
  specs:
    spree_editor (1.0.1)
      spree_core (>= 1.0.0)
      tinymce-rails (>= 3.4.7.0.1)

GIT
  remote: git@github.com:fabien/spree-snippets.git
  revision: e112b21881d99250a98bb70a8fa8e221cc7d06fb
  branch: spree-1-1-x
  specs:
    spree_snippets (0.6.0)
      spree_core (>= 1.0.0.rc3)
      spree_editor (>= 0.50.0)

GIT
  remote: git@github.com:iloveitaly/Spree-Videos.git
  revision: b401ce4aec30b5cab1ea194f8d246943ed0fd7e2
  specs:
    spree_videos (1.2.4)
      spree_core (~> 1.1.0)
      youtube_it (~> 2.1.5)

GIT
  remote: git@github.com:matfiz/spree_essential_menus.git
  revision: 9c7025f27c29ba055dafcf39c8724c65d2c1bd66
  specs:
    spree_essential_menus (0.2.5)
      acts_as_tree (~> 0.2.0)
      coffee-rails
      haml
      spree_essentials (~> 0.5.0.rc1)

GIT
  remote: git@github.com:railsdog/deface.git
  revision: f22a7cc5e4d6708c26902446b124c22a0b56e57a
  specs:
    deface (0.9.1)
      nokogiri (~> 1.5.0)
      rails (~> 3.1)

GIT
  remote: git@github.com:romul/spree_dynamic_sitemaps.git
  revision: 599fa90c6a4fb6ce86541a1ab5e3cf5444a71534
  specs:
    spree_dynamic_sitemaps (0.50.1)

GIT
  remote: git@github.com:spree/spree_gateway
  revision: 9053cf7b4dbfd28c98a3b0a7ca5ff6121cab424a
  specs:
    spree_gateway (1.0.0)
      spree_core (~> 1.0)

GIT
  remote: git@github.com:spree/spree_print_invoice.git
  revision: d128f87f49118620a8d3f9bea720824e21ccbc24
  specs:
    spree_print_invoice (1.0.0)
      prawn (= 0.8.4)
      spree_core (~> 1.1.0)

GIT
  remote: git@github.com:whitmanc/spree-faq.git
  revision: 3a299659dc69f19a409a94527a6016b81e7cb788
  specs:
    spree_faq (3.0.5)
      spree_core (>= 0.70.0)

GIT
  remote: git@github.com:whitmanc/spree_email_to_friend.git
  revision: 77be9275b060c18fd5ca571181721a68b1082ff1
  specs:
    spree_email_to_friend (1.2)
      recaptcha (>= 0.3.1)
      spree_auth (>= 0.70.0)
      spree_core (>= 0.70.0)

GIT
  remote: git@github.com:whitmanc/spree_minicart.git
  revision: fe4ec80ceaa237b14b403406794fce21a067122d
  specs:
    spree_minicart (1.1.0)
      spree_core (~> 1.1.0)
      spree_sample

GIT
  remote: git@github.com:whitmanc/spree_pinterest.git
  revision: 10eea1019d5b92645060cd6d5ef751b7d4541403
  specs:
    spree_pinterest (0.2.1)
      spree_core (>= 1.0.0)

GIT
  remote: git@github.com:whitmanc/spree_product_sort.git
  revision: 333ef9e6940fedffbcfd59f3151631195555621e
  specs:
    spree_product_sort (1.0.0)
      spree_core (>= 0.60.0)

GIT
  remote: git@github.com:whitmanc/spree_recently_viewed.git
  revision: 94e9b2a44bc34eb3d54ec0f6b72b44df3219acb7
  specs:
    spree_recently_viewed (1.1)
      spree_core (>= 1.0.0.rc1)

GIT
  remote: git@github.com:whitmanc/spree_related_products.git
  revision: 06cac70ac40d13931fdbc3ab5354942cb2e62a09
  specs:
    spree_related_products (3.2)
      spree_core (>= 1.0.0)

GIT
  remote: git@github.com:whitmanc/spree_sisbro_calculators
  revision: ac1aeaddb0af919d691a6d7cd498f6c9e8fe37ee
  specs:
    spree_additional_calculators (0.1.1)
      spree_core (>= 0.50.2)

GIT
  remote: git@github.com:whitmanc/spree_wishlist.git
  revision: 1541703fee7905ce8a461fe7fe020e76f0ee9f67
  specs:
    spree_wishlist (1.2)
      spree_core (>= 1.0.0.rc3)

GIT
  remote: https://github.com/haml/haml.git
  revision: b64d293043549cf843305364d0266fae71e91426
  branch: 3-2-stable
  specs:
    haml (3.2.0.beta.1)
      tilt

GEM
  remote: http://rubygems.org/
  specs:
    actionmailer (3.2.6)
      actionpack (= 3.2.6)
      mail (~> 2.4.4)
    actionpack (3.2.6)
      activemodel (= 3.2.6)
      activesupport (= 3.2.6)
      builder (~> 3.0.0)
      erubis (~> 2.7.0)
      journey (~> 1.0.1)
      rack (~> 1.4.0)
      rack-cache (~> 1.2)
      rack-test (~> 0.6.1)
      sprockets (~> 2.1.3)
    active_utils (1.0.4)
      activesupport (>= 2.3.11)
      i18n
    activemerchant (1.20.4)
      active_utils (>= 1.0.2)
      activesupport (>= 2.3.11)
      braintree (>= 2.0.0)
      builder (>= 2.0.0)
      i18n
      json (>= 1.5.1)
      money (<= 3.7.1)
    activemodel (3.2.6)
      activesupport (= 3.2.6)
      builder (~> 3.0.0)
    activerecord (3.2.6)
      activemodel (= 3.2.6)
      activesupport (= 3.2.6)
      arel (~> 3.0.2)
      tzinfo (~> 0.3.29)
    activeresource (3.2.6)
      activemodel (= 3.2.6)
      activesupport (= 3.2.6)
    activesupport (3.2.6)
      i18n (~> 0.6)
      multi_json (~> 1.0)
    acts_as_list (0.1.4)
    acts_as_tree (0.2.0)
    addressable (2.3.2)
    arel (3.0.2)
    aws-sdk (1.3.9)
      httparty (~> 0.7)
      json (~> 1.4)
      nokogiri (>= 1.4.4)
      uuidtools (~> 2.1)
    bcrypt-ruby (3.0.1)
    braintree (2.16.0)
      builder (>= 2.0.0)
    builder (3.0.0)
    cancan (1.6.7)
    capistrano (2.12.0)
      highline
      net-scp (>= 1.0.0)
      net-sftp (>= 2.0.0)
      net-ssh (>= 2.0.14)
      net-ssh-gateway (>= 1.1.0)
    capybara (0.4.0)
      celerity (>= 0.7.9)
      culerity (>= 0.2.4)
      mime-types (>= 1.16)
      nokogiri (>= 1.3.3)
      rack (>= 1.0.0)
      rack-test (>= 0.5.4)
      selenium-webdriver (>= 0.0.27)
      xpath (~> 0.1.2)
    celerity (0.9.2)
    childprocess (0.3.5)
      ffi (~> 1.0, >= 1.0.6)
    cocaine (0.2.1)
    coffee-rails (3.2.2)
      coffee-script (>= 2.2.0)
      railties (~> 3.2.0)
    coffee-script (2.2.0)
      coffee-script-source
      execjs
    coffee-script-source (1.3.3)
    culerity (0.2.15)
    database_cleaner (0.8.0)
    devise (2.0.4)
      bcrypt-ruby (~> 3.0)
      orm_adapter (~> 0.0.3)
      railties (~> 3.1)
      warden (~> 1.1.1)
    diff-lcs (1.1.3)
    erubis (2.7.0)
    execjs (1.4.0)
      multi_json (~> 1.0)
    factory_girl (4.0.0)
      activesupport (>= 3.0.0)
    factory_girl_rails (4.0.0)
      factory_girl (~> 4.0.0)
      railties (>= 3.0.0)
    faraday (0.8.1)
      multipart-post (~> 1.1)
    ffaker (1.12.1)
    ffi (1.1.5)
    foreman (0.53.0)
      thor (>= 0.13.6)
    highline (1.6.11)
    hike (1.2.1)
    httparty (0.8.3)
      multi_json (~> 1.0)
      multi_xml
    httpauth (0.1)
    i18n (0.6.0)
    journey (1.0.4)
    jquery-rails (2.0.2)
      railties (>= 3.2.0, < 5.0)
      thor (~> 0.14)
    json (1.7.4)
    jwt (0.1.5)
      multi_json (>= 1.0)
    kaminari (0.13.0)
      actionpack (>= 3.0.0)
      activesupport (>= 3.0.0)
      railties (>= 3.0.0)
    kgio (2.7.4)
    launchy (2.1.2)
      addressable (~> 2.3)
    libv8 (3.3.10.4)
    libwebsocket (0.1.5)
      addressable
    mail (2.4.4)
      i18n (>= 0.4.0)
      mime-types (~> 1.16)
      treetop (~> 1.4.8)
    mime-types (1.19)
    money (3.7.1)
      i18n (~> 0.4)
    multi_json (1.3.6)
    multi_xml (0.5.1)
    multipart-post (1.1.5)
    mysql2 (0.3.11)
    nested_set (1.7.0)
      activerecord (>= 3.0.0)
      railties (>= 3.0.0)
    net-scp (1.0.4)
      net-ssh (>= 1.99.1)
    net-sftp (2.0.5)
      net-ssh (>= 2.0.9)
    net-ssh (2.5.2)
    net-ssh-gateway (1.1.0)
      net-ssh (>= 1.99.1)
    nokogiri (1.5.5)
    oauth (0.4.6)
    oauth2 (0.8.0)
      faraday (~> 0.8)
      httpauth (~> 0.1)
      jwt (~> 0.1.4)
      multi_json (~> 1.0)
      rack (~> 1.2)
    orm_adapter (0.0.7)
    paperclip (2.7.0)
      activerecord (>= 2.3.0)
      activesupport (>= 2.3.2)
      cocaine (>= 0.0.2)
      mime-types
    polyamorous (0.5.0)
      activerecord (~> 3.0)
    polyglot (0.3.3)
    prawn (0.8.4)
      prawn-core (>= 0.8.4, < 0.9)
      prawn-layout (>= 0.8.4, < 0.9)
      prawn-security (>= 0.8.4, < 0.9)
    prawn-core (0.8.4)
    prawn-layout (0.8.4)
    prawn-security (0.8.4)
    rabl (0.6.5)
      activesupport (>= 2.3.14)
      multi_json (~> 1.0)
    rack (1.4.1)
    rack-cache (1.2)
      rack (>= 0.4)
    rack-ssl (1.3.2)
      rack
    rack-test (0.6.1)
      rack (>= 1.0)
    rails (3.2.6)
      actionmailer (= 3.2.6)
      actionpack (= 3.2.6)
      activerecord (= 3.2.6)
      activeresource (= 3.2.6)
      activesupport (= 3.2.6)
      bundler (~> 1.0)
      railties (= 3.2.6)
    railties (3.2.6)
      actionpack (= 3.2.6)
      activesupport (= 3.2.6)
      rack-ssl (~> 1.3.2)
      rake (>= 0.8.7)
      rdoc (~> 3.4)
      thor (>= 0.14.6, < 2.0)
    raindrops (0.10.0)
    rake (0.9.2.2)
    ransack (0.6.0)
      actionpack (~> 3.0)
      activerecord (~> 3.0)
      polyamorous (~> 0.5.0)
    rdiscount (1.6.8)
    rdoc (3.12)
      json (~> 1.4)
    recaptcha (0.3.4)
    rspec (2.11.0)
      rspec-core (~> 2.11.0)
      rspec-expectations (~> 2.11.0)
      rspec-mocks (~> 2.11.0)
    rspec-core (2.11.1)
    rspec-expectations (2.11.2)
      diff-lcs (~> 1.1.3)
    rspec-mocks (2.11.1)
    rspec-rails (2.11.0)
      actionpack (>= 3.0)
      activesupport (>= 3.0)
      railties (>= 3.0)
      rspec (~> 2.11.0)
    rubyzip (0.9.9)
    sass (3.1.20)
    sass-rails (3.2.5)
      railties (~> 3.2.0)
      sass (>= 3.1.10)
      tilt (~> 1.3)
    selenium-webdriver (2.25.0)
      childprocess (>= 0.2.5)
      libwebsocket (~> 0.1.3)
      multi_json (~> 1.0)
      rubyzip
    simple_oauth (0.1.9)
    spree (1.1.2)
      spree_api (= 1.1.2)
      spree_auth (= 1.1.2)
      spree_cmd (= 1.1.2)
      spree_core (= 1.1.2)
      spree_dash (= 1.1.2)
      spree_promo (= 1.1.2)
      spree_sample (= 1.1.2)
    spree_api (1.1.2)
      rabl (= 0.6.5)
      spree_auth (= 1.1.2)
      spree_core (= 1.1.2)
    spree_auth (1.1.2)
      cancan (= 1.6.7)
      devise (~> 2.0.0)
      spree_core (= 1.1.2)
    spree_cmd (1.1.2)
      thor (= 0.14.6)
    spree_core (1.1.2)
      activemerchant (= 1.20.4)
      acts_as_list (= 0.1.4)
      aws-sdk (~> 1.3.4)
      deface (>= 0.9.0)
      ffaker (~> 1.12.0)
      highline (= 1.6.11)
      jquery-rails (~> 2.0.0)
      kaminari (>= 0.13.0)
      nested_set (= 1.7.0)
      paperclip (~> 2.7)
      rails (~> 3.2.6)
      ransack (~> 0.6.0)
      state_machine (= 1.1.2)
      stringex (~> 1.3.2)
    spree_dash (1.1.2)
      httparty (~> 0.8.1)
      spree_auth (= 1.1.2)
      spree_core (= 1.1.2)
    spree_essential_cms (0.4.0)
      spree_essentials (~> 0.5.0)
    spree_essentials (0.5.0)
      rdiscount (~> 1.6.8)
      spree_core (~> 1.1.0)
    spree_promo (1.1.2)
      spree_auth (= 1.1.2)
      spree_core (= 1.1.2)
    spree_sample (1.1.2)
      spree_core (= 1.1.2)
    sprockets (2.1.3)
      hike (~> 1.2)
      rack (~> 1.0)
      tilt (~> 1.1, != 1.3.0)
    state_machine (1.1.2)
    stringex (1.3.3)
    therubyracer (0.10.2)
      libv8 (~> 3.3.10)
    thor (0.14.6)
    tilt (1.3.3)
    tinymce-rails (3.5.6)
      railties (>= 3.1.1)
    treetop (1.4.10)
      polyglot
      polyglot (>= 0.3.1)
    tzinfo (0.3.33)
    uglifier (1.2.7)
      execjs (>= 0.3.0)
      multi_json (~> 1.3)
    unicorn (4.3.1)
      kgio (~> 2.6)
      rack
      raindrops (~> 0.7)
    uuidtools (2.1.3)
    warden (1.1.1)
      rack (>= 1.0)
    xpath (0.1.4)
      nokogiri (~> 1.3)
    youtube_it (2.1.7)
      builder
      faraday (~> 0.8)
      nokogiri (~> 1.5.2)
      oauth (~> 0.4.4)
      oauth2 (~> 0.6)
      simple_oauth (~> 0.1.5)

PLATFORMS
  ruby

DEPENDENCIES
  acts_as_tree
  capistrano
  capybara (= 0.4.0)
  coffee-rails (~> 3.2.0)
  database_cleaner
  deface!
  factory_girl_rails
  foreman
  haml!
  launchy (>= 0.3.7)
  mysql2
  rails (= 3.2.6)
  rspec-rails (>= 2.0.1)
  sass-rails (~> 3.2.0)
  simple_captcha!
  spree (= 1.1.2)
  spree_additional_calculators!
  spree_contact_us!
  spree_dynamic_sitemaps!
  spree_editor!
  spree_email_to_friend!
  spree_essential_cms
  spree_essential_menus!
  spree_faq!
  spree_gateway!
  spree_minicart!
  spree_pinterest!
  spree_print_invoice!
  spree_product_sort!
  spree_recently_viewed!
  spree_related_products!
  spree_snippets!
  spree_videos!
  spree_wishlist!
  therubyracer
  tinymce-rails (>= 3.4.7.0.1)
  uglifier
  unicorn
